GEM
  remote: http://rubygems.org/
  specs:
    bacon (1.2.0)
    builder (3.1.4)
    capybara (2.0.2)
      mime-types (>= 1.16)
      nokogiri (>= 1.3.3)
      rack (>= 1.0.0)
      rack-test (>= 0.5.4)
      selenium-webdriver (~> 2.0)
      xpath (~> 1.0.0)
    childprocess (0.3.8)
      ffi (~> 1.0, >= 1.0.11)
    cucumber (1.2.1)
      builder (>= 2.1.2)
      diff-lcs (>= 1.1.3)
      gherkin (~> 2.11.0)
      json (>= 1.4.6)
    daemons (1.1.9)
    diff-lcs (1.2.1)
    eventmachine (1.0.0)
    ffi (1.4.0)
    gherkin (2.11.6)
      json (>= 1.7.6)
    haml (4.0.0)
      tilt
    json (1.7.7)
    mime-types (1.21)
    multi_json (1.6.1)
    nokogiri (1.5.6)
    rack (1.5.2)
    rack-flash3 (1.0.3)
      rack
    rack-protection (1.3.2)
      rack
    rack-test (0.6.2)
      rack (>= 1.0)
    rubyzip (0.9.9)
    selenium-webdriver (2.30.0)
      childprocess (>= 0.2.5)
      multi_json (~> 1.0)
      rubyzip
      websocket (~> 1.0.4)
    sequel (3.44.0)
    sinatra (1.3.4)
      rack (~> 1.4)
      rack-protection (~> 1.3)
      tilt (~> 1.3, >= 1.3.3)
    sinatra-sequel (0.9.0)
      bacon
      sequel (>= 3.2.0)
      sinatra (>= 0.9.4)
    sqlite3 (1.3.7)
    thin (1.5.0)
      daemons (>= 1.0.9)
      eventmachine (>= 0.12.6)
      rack (>= 1.0.0)
    tilt (1.3.3)
    websocket (1.0.7)
    xpath (1.0.0)
      nokogiri (~> 1.3)

PLATFORMS
  ruby

DEPENDENCIES
  capybara
  cucumber
  haml
  rack-flash3
  sinatra
  sinatra-sequel
  sqlite3
  thin
